GEM
  remote: https://rubygems.org/
  specs:
    colorize (0.7.7)
    docile (1.1.5)
    json (1.8.2)
    minitest (5.6.1)
    rake (10.4.2)
    simplecov (0.10.0)
      docile (~> 1.1.0)
      json (~> 1.8)
      simplecov-html (~> 0.10.0)
    simplecov-html (0.10.0)

PLATFORMS
  ruby

DEPENDENCIES
  colorize
  minitest
  rake
  simplecov

BUNDLED WITH
   1.10.2
